GEM
  remote: http://rubygems.org/
  specs:
    json_pure (1.7.5)
    newrelic_rpm (3.4.2.1)
    rack (1.4.1)
    rack-protection (1.2.0)
      rack
    sinatra (1.3.3)
      rack (~> 1.3, >= 1.3.6)
      rack-protection (~> 1.2)
      tilt (~> 1.3, >= 1.3.3)
    tilt (1.3.3)
    wikipedia-client (1.0.0)

PLATFORMS
  ruby

DEPENDENCIES
  json_pure
  newrelic_rpm
  sinatra
  wikipedia-client
